GEM
  remote: https://rubygems.org/
  specs:
    rmagick (4.2.5)

PLATFORMS
  x86_64-darwin-20

DEPENDENCIES
  rmagick

BUNDLED WITH
   2.3.16
